PATH
  remote: .
  specs:
    lastfm (1.0.1)
      crack

GEM
  remote: http://rubygems.org/
  specs:
    crack (0.1.8)
    diff-lcs (1.1.2)
    fakeweb (1.3.0)
    rspec (2.0.0)
      rspec-core (= 2.0.0)
      rspec-expectations (= 2.0.0)
      rspec-mocks (= 2.0.0)
    rspec-core (2.0.0)
    rspec-expectations (2.0.0)
      diff-lcs (>= 1.1.2)
    rspec-mocks (2.0.0)
      rspec-core (= 2.0.0)
      rspec-expectations (= 2.0.0)
    simplecov (0.3.6)
      simplecov-html (>= 0.3.7)
    simplecov-html (0.3.8)
    vcr (1.2.0)

PLATFORMS
  java
  ruby

DEPENDENCIES
  bundler (>= 1.0.2)
  crack
  fakeweb
  lastfm!
  rspec (>= 2.0.0)
  simplecov
  vcr
