PATH
  remote: .
  specs:
    lastfm (0.0.1)
      crack

GEM
  remote: http://rubygems.org/
  specs:
    crack (0.1.8)
    diff-lcs (1.1.2)
    fakeweb (1.3.0)
    rspec (2.0.0.beta.22)
      rspec-core (= 2.0.0.beta.22)
      rspec-expectations (= 2.0.0.beta.22)
      rspec-mocks (= 2.0.0.beta.22)
    rspec-core (2.0.0.beta.22)
    rspec-expectations (2.0.0.beta.22)
      diff-lcs (>= 1.1.2)
    rspec-mocks (2.0.0.beta.22)
      rspec-core (= 2.0.0.beta.22)
      rspec-expectations (= 2.0.0.beta.22)
    vcr (1.1.2)

PLATFORMS
  java
  ruby

DEPENDENCIES
  bundler (>= 1.0.0)
  crack
  fakeweb
  lastfm!
  rspec (>= 2.0.0.beta.22)
  vcr
